PATH
  remote: ../
  specs:
    sshkit-fluent-logger (0.0.1)
      fluent-logger

GEM
  remote: https://rubygems.org/
  specs:
    colorize (0.7.5)
    fluent-logger (0.4.10)
      msgpack (>= 0.4.4, < 0.6.0, != 0.5.3, != 0.5.2, != 0.5.1, != 0.5.0)
      yajl-ruby (~> 1.0)
    msgpack (0.5.10)
    net-scp (1.2.1)
      net-ssh (>= 2.6.5)
    net-ssh (2.9.2)
    rake (10.4.2)
    sshkit (1.6.1)
      colorize (>= 0.7.0)
      net-scp (>= 1.1.2)
      net-ssh (>= 2.8.0)
    yajl-ruby (1.2.1)

PLATFORMS
  ruby

DEPENDENCIES
  rake
  sshkit
  sshkit-fluent-logger!
